GEM
  remote: http://rubygems.org/
  specs:
    i18n (0.6.4)
    json (1.8.0)
    money (5.0.0)
      i18n (~> 0.4)
      json

PLATFORMS
  ruby

DEPENDENCIES
  money (~> 5.0.0)
